GEM
  remote: http://rubygems.org/
  specs:
    actionpool (0.2.3)
      splib (~> 1.4)
    actiontimer (0.2.1)
      actionpool (~> 0.2.3)
      splib (~> 1.4)
    diff-lcs (1.1.2)
    rr (1.0.2)
    rspec (2.6.0)
      rspec-core (~> 2.6.0)
      rspec-expectations (~> 2.6.0)
      rspec-mocks (~> 2.6.0)
    rspec-core (2.6.4)
    rspec-expectations (2.6.0)
      diff-lcs (~> 1.1.2)
    rspec-mocks (2.6.0)
    splib (1.4.3)

PLATFORMS
  ruby

DEPENDENCIES
  actiontimer
  rr
  rspec
